GEM
  remote: https://rubygems.org/
  specs:
    multi_json (1.10.1)
    newrelic_rpm (3.9.4.245)
    puma (2.9.1)
      rack (>= 1.1, < 2.0)
    rack (1.5.2)
    rack-cors (0.2.9)
    rack-protection (1.5.3)
      rack
    sinatra (1.4.5)
      rack (~> 1.4)
      rack-protection (~> 1.4)
      tilt (~> 1.3, >= 1.3.4)
    tilt (1.4.1)
    yajl-ruby (1.2.1)

PLATFORMS
  ruby

DEPENDENCIES
  multi_json
  newrelic_rpm
  puma
  rack-cors
  sinatra
  yajl-ruby
